GEM
  remote: https://rubygems.org/
  specs:
    colorize (0.7.7)
    differ (0.1.2)
    ffi (1.9.10)
    ffi (1.9.10-x64-mingw32)
    ropencc (0.0.6)
      ffi (~> 1.0)

PLATFORMS
  ruby
  x64-mingw32

DEPENDENCIES
  colorize
  differ
  ropencc

BUNDLED WITH
   1.11.2
